PATH
  remote: .
  specs:
    ganji (0.1.0)
      httparty (~> 0.13.7)
      redis-namespace (~> 1.6)
      redis-rack (~> 2.0, >= 2.0.6)

GEM
  remote: https://rubygems.org/
  specs:
    addressable (2.7.0)
      public_suffix (>= 2.0.2, < 5.0)
    coderay (1.1.2)
    crack (0.4.3)
      safe_yaml (~> 1.0.0)
    diff-lcs (1.3)
    dotenv (2.7.5)
    hashdiff (1.0.0)
    httparty (0.13.7)
      json (~> 1.8)
      multi_xml (>= 0.5.2)
    json (1.8.6)
    method_source (0.9.2)
    multi_xml (0.6.0)
    pry (0.12.2)
      coderay (~> 1.1.0)
      method_source (~> 0.9.0)
    pry-nav (0.3.0)
      pry (>= 0.9.10, < 0.13.0)
    public_suffix (4.0.1)
    rack (2.2.3)
    rake (10.5.0)
    redis (4.1.3)
    redis-namespace (1.6.0)
      redis (>= 3.0.4)
    redis-rack (2.0.6)
      rack (>= 1.5, < 3)
      redis-store (>= 1.2, < 2)
    redis-store (1.8.0)
      redis (>= 4, < 5)
    rspec (3.8.0)
      rspec-core (~> 3.8.0)
      rspec-expectations (~> 3.8.0)
      rspec-mocks (~> 3.8.0)
    rspec-core (3.8.2)
      rspec-support (~> 3.8.0)
    rspec-expectations (3.8.5)
      diff-lcs (>= 1.2.0, < 2.0)
      rspec-support (~> 3.8.0)
    rspec-mocks (3.8.2)
      diff-lcs (>= 1.2.0, < 2.0)
      rspec-support (~> 3.8.0)
    rspec-support (3.8.3)
    safe_yaml (1.0.5)
    webmock (3.7.6)
      addressable (>= 2.3.6)
      crack (>= 0.3.2)
      hashdiff (>= 0.4.0, < 2.0.0)

PLATFORMS
  ruby

DEPENDENCIES
  bundler (~> 2.0)
  dotenv (= 2.7.5)
  ganji!
  pry (~> 0.12.2)
  pry-nav (~> 0.3.0)
  rake (~> 10.0)
  rspec (~> 3.0)
  webmock (~> 3.7, >= 3.7.6)

BUNDLED WITH
   2.0.1
